GIT
  remote: git@github.com:morizyun/test_gem.git
  revision: 8e63f731d65ae46589e94444cb2fd7430baf28f7
  specs:
    test_gem (0.0.3)

GIT
  remote: git@github.com:tanarky/sugar_models.git
  revision: 1ba994e829da99484b8bb7875b7a3c1401390c99
  specs:
    sugar_models (0.0.7)

GEM
  remote: https://rubygems.org/
  specs:
    aerospike (1.0.11)
      bcrypt (~> 3.1)
      msgpack (~> 0.5)
    backports (3.6.7)
    bcrypt (3.1.10)
    hiredis (0.6.1)
    msgpack (0.7.1)
    multi_json (1.11.2)
    rack (1.6.4)
    rack-protection (1.5.3)
      rack
    rack-test (0.6.3)
      rack (>= 1.0)
    rake (10.4.2)
    redis (3.2.2)
    rlua (1.0)
    ruby-lua (0.4.0)
    sinatra (1.4.6)
      rack (~> 1.4)
      rack-protection (~> 1.4)
      tilt (>= 1.3, < 3)
    sinatra-contrib (1.4.6)
      backports (>= 2.0)
      multi_json
      rack-protection
      rack-test
      sinatra (~> 1.4.0)
      tilt (>= 1.3, < 3)
    sinatra-reloader (1.0)
      sinatra-contrib
    tilt (2.0.1)

PLATFORMS
  ruby

DEPENDENCIES
  aerospike
  hiredis
  rake
  redis
  rlua
  ruby-lua
  sinatra
  sinatra-reloader
  sugar_models!
  test_gem!

BUNDLED WITH
   1.11.2
