GEM
  remote: https://rubygems.org/
  specs:
    aerospike (1.0.11)
      bcrypt (~> 3.1)
      msgpack (~> 0.5)
    bcrypt (3.1.10)
    hiredis (0.6.0)
    msgpack (0.7.1)
    redis (3.2.2)
    rlua (1.0)
    ruby-lua (0.4.0)

PLATFORMS
  ruby

DEPENDENCIES
  aerospike
  hiredis
  redis
  rlua
  ruby-lua

BUNDLED WITH
   1.10.6
